PATH
  remote: .
  specs:
    vagrant-hitch (0.1.2)
      backports
      deep_merge
      vagrant

GEM
  remote: https://www.rubygems.org/
  specs:
    archive-tar-minitar (0.5.2)
    backports (3.1.0)
    childprocess (0.3.9)
      ffi (~> 1.0, >= 1.0.11)
    deep_merge (1.0.0)
    diff-lcs (1.2.1)
    erubis (2.7.0)
    ffi (1.4.0)
    i18n (0.6.4)
    json (1.5.5)
    log4r (1.1.10)
    net-scp (1.0.4)
      net-ssh (>= 1.99.1)
    net-ssh (2.2.2)
    rake (10.0.3)
    rspec (2.13.0)
      rspec-core (~> 2.13.0)
      rspec-expectations (~> 2.13.0)
      rspec-mocks (~> 2.13.0)
    rspec-core (2.13.0)
    rspec-expectations (2.13.0)
      diff-lcs (>= 1.1.3, < 2.0)
    rspec-mocks (2.13.0)
    vagrant (1.0.6)
      archive-tar-minitar (= 0.5.2)
      childprocess (~> 0.3.1)
      erubis (~> 2.7.0)
      i18n (~> 0.6.0)
      json (~> 1.5.1)
      log4r (~> 1.1.9)
      net-scp (~> 1.0.4)
      net-ssh (~> 2.2.2)

PLATFORMS
  ruby

DEPENDENCIES
  rake
  rspec
  vagrant-hitch!
